GEM
  remote: https://rubygems.org/
  specs:
    addressable (2.8.1)
      public_suffix (>= 2.0.2, < 6.0)
    airbrake (13.0.3)
      airbrake-ruby (~> 6.0)
    airbrake-ruby (6.2.0)
      rbtree3 (~> 0.5)
    clogger (2.4.0)
      rack (>= 1.0, < 3.0)
    coderay (1.1.3)
    concurrent-ruby (1.1.10)
    connection_pool (2.3.0)
    crass (1.0.6)
    dotenv (2.8.1)
    feedjira (3.2.2)
      loofah (>= 2.3.1)
      sax-machine (>= 1.0)
    github-release-party (0.4.0)
      rake (>= 12)
    io-console (0.6.0)
    irb (1.6.2)
      reline (>= 0.3.0)
    loofah (2.19.1)
      crass (~> 1.0.2)
      nokogiri (>= 1.5.9)
    method_source (1.0.0)
    mini_portile2 (2.8.1)
    multi_json (1.15.0)
    mustermann (3.0.0)
      ruby2_keywords (~> 0.0.1)
    newrelic_rpm (8.14.0)
    nio4r (2.5.8)
    nokogiri (1.13.10)
      mini_portile2 (~> 2.8.0)
      racc (~> 1.4)
    opengraph_parser (0.2.5)
      addressable
      nokogiri
    powder (0.4.0)
      thor (>= 0.11.5)
    prometheus-client (4.0.0)
    pry (0.14.1)
      coderay (~> 1.1)
      method_source (~> 1.0)
    pry-remote (0.1.8)
      pry (~> 0.9)
      slop (~> 3.0)
    public_suffix (5.0.1)
    puma (6.0.2)
      nio4r (~> 2.0)
    racc (1.6.2)
    rack (2.2.5)
    rack-protection (3.0.5)
      rack
    rack-ssl-enforcer (0.2.9)
    rake (13.0.6)
    rbtree3 (0.7.0)
    redis (5.0.5)
      redis-client (>= 0.9.0)
    redis-client (0.11.2)
      connection_pool
    reline (0.3.2)
      io-console (~> 0.5)
    ruby2_keywords (0.0.5)
    sax-machine (1.3.2)
    secure_headers (6.5.0)
    sinatra (3.0.5)
      mustermann (~> 3.0)
      rack (~> 2.2, >= 2.2.4)
      rack-protection (= 3.0.5)
      tilt (~> 2.0)
    sinatra-contrib (3.0.5)
      multi_json
      mustermann (~> 3.0)
      rack-protection (= 3.0.5)
      sinatra (= 3.0.5)
      tilt (~> 2.0)
    slop (3.6.0)
    thor (1.2.1)
    tilt (2.0.11)
    tzinfo (2.0.5)
      concurrent-ruby (~> 1.0)

PLATFORMS
  x86_64-linux
  arm-linux
  aarch64-linux
  arm64-darwin-22

DEPENDENCIES
  addressable
  airbrake
  clogger
  dotenv
  feedjira
  github-release-party
  irb
  newrelic_rpm
  nokogiri
  opengraph_parser
  powder
  prometheus-client
  pry-remote
  puma
  rack
  rack-ssl-enforcer
  rake
  redis
  secure_headers
  sinatra
  sinatra-contrib
  tzinfo

RUBY VERSION
   ruby 3.2.0p0

BUNDLED WITH
   2.4.3
